GEM
  remote: https://rubygems.org/
  specs:
    gserver (0.0.1)

PLATFORMS
  ruby

DEPENDENCIES
  gserver (>= 0.0.1)
