GEM
  remote: https://rubygems.org/
  specs:
    gserver (0.0.1)
    mail (2.6.3)
      mime-types (>= 1.16, < 3)
    metaclass (0.0.4)
    mime-types (2.4.3)
    mocha (1.1.0)
      metaclass (~> 0.0.1)

PLATFORMS
  ruby

DEPENDENCIES
  gserver (>= 0.0.1)
  mail (>= 2.6.3)
  mocha (>= 1.1.0)
