GEM
  remote: https://rubygems.org/
  specs:
    docile (1.1.5)
    gserver (0.0.1)
    mail (2.6.3)
      mime-types (>= 1.16, < 3)
    metaclass (0.0.4)
    mime-types (2.4.3)
    mocha (1.1.0)
      metaclass (~> 0.0.1)
    multi_json (1.10.1)
    simplecov (0.9.2)
      docile (~> 1.1.0)
      multi_json (~> 1.0)
      simplecov-html (~> 0.9.0)
    simplecov-html (0.9.0)

PLATFORMS
  ruby

DEPENDENCIES
  gserver (>= 0.0.1)
  mail (>= 2.6.3)
  mocha (>= 1.1.0)
  simplecov (>= 0.9.2)
